GEM
  remote: https://rubygems.org/
  specs:
    sorbet (0.4.4825)
      sorbet-static (= 0.4.4825)
    sorbet-static (0.4.4825-universal-darwin-14)

PLATFORMS
  ruby

DEPENDENCIES
  sorbet

BUNDLED WITH
   2.0.2
